GEM
  remote: https://rubygems.org/
  remote: http://gems.neurogami.com/
  specs:
    activesupport (4.1.1)
      i18n (~> 0.6, >= 0.6.9)
      json (~> 1.7, >= 1.7.7)
      minitest (~> 5.1)
      thread_safe (~> 0.1)
      tzinfo (~> 1.1)
    builder (3.2.2)
    cane (2.6.2)
      parallel
    coderay (1.1.0)
    coveralls (0.7.0)
      multi_json (~> 1.3)
      rest-client
      simplecov (>= 0.7)
      term-ansicolor
      thor
    diff-lcs (1.2.5)
    docile (1.1.3)
    factory_girl (4.4.0)
      activesupport (>= 3.0.0)
    ffi (1.9.3-java)
    hoe (3.12.0)
      rake (>= 0.8, < 11.0)
    i18n (0.6.9)
    json (1.8.1)
    json (1.8.1-java)
    method_source (0.8.2)
    mime-types (2.2)
    minitest (5.3.4)
    multi_json (1.10.1)
    parallel (1.0.0)
    pry (0.9.12.6)
      coderay (~> 1.0)
      method_source (~> 0.8)
      slop (~> 3.4)
    pry (0.9.12.6-java)
      coderay (~> 1.0)
      method_source (~> 0.8)
      slop (~> 3.4)
      spoon (~> 0.0)
    rake (10.3.2)
    rawr (1.7.0)
      rubyzip
      user-choices
    rest-client (1.6.7)
      mime-types (>= 1.16)
    rspec (2.14.1)
      rspec-core (~> 2.14.0)
      rspec-expectations (~> 2.14.0)
      rspec-mocks (~> 2.14.0)
    rspec-core (2.14.8)
    rspec-expectations (2.14.5)
      diff-lcs (>= 1.1.3, < 2.0)
    rspec-mocks (2.14.6)
    rubyzip (1.1.3)
    s4t-utils (1.0.4)
      hoe (>= 1.3.0)
    simplecov (0.8.2)
      docile (~> 1.1.0)
      multi_json
      simplecov-html (~> 0.8.0)
    simplecov-html (0.8.0)
    slop (3.5.0)
    spoon (0.0.4)
      ffi
    term-ansicolor (1.3.0)
      tins (~> 1.0)
    thor (0.19.1)
    thread_safe (0.3.3)
    thread_safe (0.3.3-java)
    tins (1.3.0)
    tzinfo (1.1.0)
      thread_safe (~> 0.1)
    user-choices (1.1.6.1)
      builder (>= 2.1.2)
      s4t-utils (>= 1.0.3)
      xml-simple (>= 1.0.11)
    xml-simple (1.1.3)

PLATFORMS
  java
  ruby

DEPENDENCIES
  activesupport (~> 4.1.1)
  cane (~> 2.6.2)
  coveralls (~> 0.7.0)
  factory_girl (~> 4.0)
  pry (~> 0.9.12.6)
  rake (~> 10.3)
  rawr (~> 1.7.0)
  rspec (~> 2.14.1)
  simplecov (~> 0.8.2)
