GEM
  remote: https://rubygems.org/
  remote: http://gems.neurogami.com/
  specs:
    builder (3.2.2)
    diff-lcs (1.2.4)
    hoe (3.7.1)
      rake (>= 0.8, < 11.0)
    rake (10.1.0)
    rawr (1.6.6)
      rubyzip
      user-choices
    rspec (2.14.1)
      rspec-core (~> 2.14.0)
      rspec-expectations (~> 2.14.0)
      rspec-mocks (~> 2.14.0)
    rspec-core (2.14.5)
    rspec-expectations (2.14.2)
      diff-lcs (>= 1.1.3, < 2.0)
    rspec-mocks (2.14.3)
    rubyzip (1.0.0)
    s4t-utils (1.0.4)
      hoe (>= 1.3.0)
    user-choices (1.1.6.1)
      builder (>= 2.1.2)
      s4t-utils (>= 1.0.3)
      xml-simple (>= 1.0.11)
    xml-simple (1.1.2)

PLATFORMS
  java

DEPENDENCIES
  rake
  rawr
  rspec
